GEM
  remote: https://rubygems.org/
  specs:
    addressable (2.3.6)
    childprocess (0.5.5)
      ffi (~> 1.0, >= 1.0.11)
    crass (1.0.1)
    ffaker (1.25.0)
    ffi (1.9.6)
    highline (1.6.21)
    launchy (2.4.3)
      addressable (~> 2.3)
    mini_portile (0.6.1)
    multi_json (1.10.1)
    nokogiri (1.6.5)
      mini_portile (~> 0.6.0)
    nokogumbo (1.2.0)
      nokogiri
    rubyzip (1.1.6)
    sanitize (3.1.0)
      crass (~> 1.0.1)
      nokogiri (>= 1.4.4)
      nokogumbo (= 1.2.0)
    selenium-webdriver (2.44.0)
      childprocess (~> 0.5)
      multi_json (~> 1.0)
      rubyzip (~> 1.0)
      websocket (~> 1.0)
    websocket (1.2.1)

PLATFORMS
  ruby

DEPENDENCIES
  ffaker
  highline
  launchy
  multi_json
  nokogiri
  sanitize
  selenium-webdriver
